GEM
  specs:
    httparty (0.11.0)
      multi_json (~> 1.0)
      multi_xml (>= 0.5.2)
    mini_portile (0.6.2)
    multi_json (1.11.0)
    multi_xml (0.5.4)
    nokogiri (1.6.6.2)
      mini_portile (~> 0.6.0)

PLATFORMS
  ruby

DEPENDENCIES
  httparty
  nokogiri
